NUGET
  remote: https://www.nuget.org/api/v2
  specs:
    Argu (2.1)
  remote: ../nugets
  specs:
    FSharp.Data (2.2.5)
